GEM
  remote: https://rubygems.org/
  specs:
    elasticsearch (5.0.4)
      elasticsearch-api (= 5.0.4)
      elasticsearch-transport (= 5.0.4)
    elasticsearch-api (5.0.4)
      multi_json
    elasticsearch-transport (5.0.4)
      faraday
      multi_json
    faraday (0.12.1)
      multipart-post (>= 1.2, < 3)
    multi_json (1.12.1)
    multipart-post (2.0.0)
    mustermann (1.0.0)
    rack (2.0.2)
    rack-protection (2.0.0)
      rack
    sinatra (2.0.0)
      mustermann (~> 1.0)
      rack (~> 2.0)
      rack-protection (= 2.0.0)
      tilt (~> 2.0)
    taglib-ruby (0.7.1)
    tilt (2.0.7)

PLATFORMS
  ruby

DEPENDENCIES
  elasticsearch (~> 5.0, >= 5.0.4)
  sinatra (~> 2.0)
  taglib-ruby (~> 0.7.1)

BUNDLED WITH
   1.14.6
